GIT
  remote: https://github.com/a0s/sequel-rake.git
  revision: 6a0549dd1b889730fe6b303faf71476d61861e97
  specs:
    sequel-rake (0.1.0)
      thor (~> 0.19)

GEM
  remote: https://rubygems.org/
  specs:
    activesupport (5.2.3)
      concurrent-ruby (~> 1.0, >= 1.0.2)
      i18n (>= 0.7, < 2)
      minitest (~> 5.1)
      tzinfo (~> 1.1)
    bond (0.5.1)
    coderay (1.0.9)
    concurrent-ruby (1.1.5)
    daemons (1.3.1)
    diff-lcs (1.3)
    eventmachine (1.2.7)
    forgery (0.7.0)
    i18n (1.6.0)
      concurrent-ruby (~> 1.0)
    jsonapi-serializers (1.0.1)
      activesupport
    minitest (5.11.3)
    mustermann (1.0.3)
    rack (2.2.3)
    rack-protection (2.0.5)
      rack
    rake (12.3.2)
    ripl (0.7.1)
      bond (~> 0.5.1)
    ripl-auto_indent (0.2.0)
      ripl (>= 0.6.0)
      ripl-multi_line (>= 0.3.0)
      ruby_indentation (>= 0.2.0)
    ripl-color_error (0.1.1)
      ripl (>= 0.2.0)
    ripl-irb (0.2.3)
      ripl (>= 0.2.5)
    ripl-multi_line (0.3.1)
      ripl (>= 0.3.6)
    rspec (3.8.0)
      rspec-core (~> 3.8.0)
      rspec-expectations (~> 3.8.0)
      rspec-mocks (~> 3.8.0)
    rspec-core (3.8.0)
      rspec-support (~> 3.8.0)
    rspec-expectations (3.8.3)
      diff-lcs (>= 1.2.0, < 2.0)
      rspec-support (~> 3.8.0)
    rspec-mocks (3.8.0)
      diff-lcs (>= 1.2.0, < 2.0)
      rspec-support (~> 3.8.0)
    rspec-support (3.8.0)
    ruby-app (0.1.12)
      activesupport
      bundler
      rake
      thor
    ruby_indentation (0.2.0)
      coderay (~> 1.0.5)
    sequel (5.20.0)
    sinatra (2.0.5)
      mustermann (~> 1.0)
      rack (~> 2.0)
      rack-protection (= 2.0.5)
      tilt (~> 2.0)
    sqlite3 (1.4.1)
    thin (1.7.2)
      daemons (~> 1.0, >= 1.0.9)
      eventmachine (~> 1.0, >= 1.0.4)
      rack (>= 1, < 3)
    thor (0.20.3)
    thread_safe (0.3.6)
    tilt (2.0.9)
    tzinfo (1.2.5)
      thread_safe (~> 0.1)

PLATFORMS
  ruby

DEPENDENCIES
  activesupport
  forgery
  jsonapi-serializers
  rake
  ripl
  ripl-auto_indent
  ripl-color_error
  ripl-irb
  ripl-multi_line
  rspec (~> 3)
  ruby-app
  sequel
  sequel-rake!
  sinatra
  sqlite3
  thin

BUNDLED WITH
   1.17.2
